GEM
  remote: http://rubygems.org/
  specs:
    docile (1.1.5)
    git (1.2.5)
    jeweler (1.6.4)
      bundler (~> 1.0)
      git (>= 1.2.5)
      rake
    json (1.6.3)
    multi_json (1.12.1)
    rake (0.9.2)
    rake-compiler (0.7.9)
      rake
    rdoc (3.11)
      json (~> 1.4)
    shoulda (2.11.3)
    simplecov (0.9.2)
      docile (~> 1.1.0)
      multi_json (~> 1.0)
      simplecov-html (~> 0.9.0)
    simplecov-html (0.9.0)
    simplecov-rcov (0.2.3)
      simplecov (>= 0.4.1)

PLATFORMS
  ruby

DEPENDENCIES
  bundler (~> 1.12.0)
  jeweler (~> 1.6.4)
  rake-compiler
  rdoc (>= 2.4.2)
  shoulda
  simplecov
  simplecov-rcov

BUNDLED WITH
   1.12.3
